##TITLE= Parameter file, TOPSPIN		Version 3.2
##JCAMPDX= 5.0
##DATATYPE= Parameter Values
##NPOINTS= 11	$$ modification sequence number
##ORIGIN= Bruker BioSpin GmbH
##OWNER= sosnick
$$ 2021-08-19 16:28:31.713 -0500  sosnick@B10064557
$$ /opt/data/Sosnick/Julia/Julia-2021_0819/1/pdata/1/procs
$$ process /opt/topspin3.2/prog/mod/dataserver
##$ABSF1= 0
##$ABSF2= 0
##$ABSG= 0
##$ABSL= 0
##$ALPHA= 0
##$AQORDER= 0
##$ASSFAC= 0
##$ASSFACI= 0
##$ASSFACX= 0
##$ASSWID= 0
##$AUNMP= <proc_2dinv>
##$AXLEFT= 0
##$AXNAME= <>
##$AXNUC= <1H>
##$AXRIGHT= 0
##$AXTYPE= 0
##$AXUNIT= <>
##$AZFE= 0.1
##$AZFW= 0.1
##$BCFW= 0
##$BC_mod= 0
##$BYTORDP= 0
##$COROFFS= 0
##$CY= -3
##$DATMOD= 1
##$DC= 0
##$DFILT= <>
##$DTYPP= 0
##$ERETIC= no
##$F1P= 12.7657899856567
##$F2P= -3.26626386152311
##$FCOR= 0.5
##$FTSIZE= 32768
##$FT_mod= 6
##$GAMMA= 0
##$GB= 0
##$INTBC= 1
##$INTSCL= 6.941561e-11
##$ISEN= 128
##$LB= 3
##$LEV0= 4
##$LPBIN= 0
##$MAXI= 10000
##$MC2= 0
##$MEAN= 0
##$ME_mod= 0
##$MI= 20
##$MddCEXP= no
##$MddCT_SP= no
##$MddF180= no
##$MddLAMBDA= 0
##$MddMEMORY= 0
##$MddMERGE= 0
##$MddNCOMP= 0
##$MddNITER= 0
##$MddNOISE= 0
##$MddPHASE= 0
##$MddSEED= 0
##$MddSRSIZE= 0
##$Mdd_CsALG= 0
##$Mdd_CsLAMBDA= 0
##$Mdd_CsNITER= 0
##$Mdd_CsNORM= 0
##$Mdd_CsZF= 0
##$Mdd_mod= 0
##$NCOEF= 0
##$NC_proc= -6
##$NLEV= 6
##$NOISF1= 8.099991
##$NOISF2= 6.600002
##$NSP= 0
##$NTH_PI= 0
##$NZP= 0
##$OFFSET= 11.69742
##$PC= 1
##$PHC0= 91.9867
##$PHC1= -45.05
##$PH_mod= 1
##$PKNL= yes
##$PPARMOD= 0
##$PPDIAG= 0
##$PPIPTYP= 0
##$PPMPNUM= 2147483647
##$PPRESOL= 1
##$PSCAL= 1
##$PSIGN= 0
##$PYNMP= <proc.py>
##$REVERSE= no
##$SF= 499.800001175645
##$SI= 32768
##$SIGF1= 5.6
##$SIGF2= 5.2
##$SINO= 135.7427
##$SIOLD= 32768
##$SPECTYP= <>
##$SREGLST= <1H.CDCl3>
##$SSB= 0
##$STSI= 32768
##$STSR= 0
##$SW_p= 6996.26865671643
##$SYMM= 0
##$S_DEV= 1734920
##$TDeff= 8192
##$TDoff= 0
##$TI= <>
##$TILT= no
##$TM1= 0
##$TM2= 0
##$TOPLEV= 85
##$USERP1= <>
##$USERP2= <>
##$USERP3= <>
##$USERP4= <>
##$USERP5= <>
##$WDW= 1
##$XDIM= 2048
##$YMAX_p= 315823779
##$YMIN_p= -1489601
##END=
